GEM
  remote: http://rubygems.org/
  specs:
    activeresource (2.3.14)
      activesupport (= 2.3.14)
    activesupport (2.3.14)
    ghi (0.3.0)
    git (1.2.5)
    jeweler (1.6.4)
      bundler (~> 1.0)
      git (>= 1.2.5)
      rake
    rake (0.9.2.2)
    rcov (0.9.11)
    redmine_client (0.0.1)
      activeresource (~> 2.3.0)
    shoulda (2.11.3)
    trollop (1.16.2)

PLATFORMS
  ruby

DEPENDENCIES
  bundler (~> 1.0.0)
  ghi
  jeweler (~> 1.6.4)
  rcov
  redmine_client
  shoulda
  trollop
